GEM
  specs:
    excon (0.45.1)
    glutton_ratelimit (0.2.0)
    json (1.8.2)
    multi_json (1.11.0)
    neography (1.7.2)
      excon (>= 0.33.0)
      json (>= 1.7.7)
      multi_json (>= 1.3.2)
      os (>= 0.9.6)
      rake (>= 0.8.7)
      rubyzip (>= 1.0.0)
    oj (2.12.1)
    os (0.9.6)
    rake (10.4.2)
    rubyzip (1.1.7)

PLATFORMS
  ruby

DEPENDENCIES
  excon
  glutton_ratelimit
  neography
  oj
